GEM
  remote: https://rubygems.org/
  specs:
    debug (1.9.1)
      irb (~> 1.10)
      reline (>= 0.3.8)
    io-console (0.7.2)
    irb (1.11.0)
      rdoc
      reline (>= 0.3.8)
    language_server-protocol (3.17.0.3)
    prism (0.27.0)
    psych (5.1.2)
      stringio
    rdoc (6.6.3.1)
      psych (>= 4.0.0)
    reline (0.4.1)
      io-console (~> 0.5)
    ruby-lsp (0.16.6)
      language_server-protocol (~> 3.17.0)
      prism (>= 0.23.0, < 0.28)
      sorbet-runtime (>= 0.5.10782)
    sorbet-runtime (0.5.11368)
    stringio (3.1.0)

PLATFORMS
  ruby
  x86_64-linux

DEPENDENCIES
  debug
  ruby-lsp

BUNDLED WITH
   2.5.10
